GEM
  remote: https://rubygems.org/
  specs:
    bourbon (4.1.1)
      sass (~> 3.3)
      thor
    sass (3.4.8)
    sass-globbing (1.1.1)
      sass (>= 3.1)
    thor (0.19.1)

PLATFORMS
  ruby

DEPENDENCIES
  bourbon
  sass (= 3.4.8)
  sass-globbing
